GEM
  remote: https://rubygems.org/
  specs:
    ast (2.4.2)
    async (2.6.4)
      console (~> 1.10)
      fiber-annotation
      io-event (~> 1.1)
      timers (~> 4.1)
    console (1.23.2)
      fiber-annotation
      fiber-local
    fiber-annotation (0.2.0)
    fiber-local (1.0.0)
    io-event (1.3.3)
    json (2.6.3)
    language_server-protocol (3.17.0.3)
    nokogiri (1.15.4-x64-mingw-ucrt)
      racc (~> 1.4)
    parallel (1.23.0)
    parser (3.2.2.4)
      ast (~> 2.4.1)
      racc
    racc (1.7.1)
    rainbow (3.1.1)
    regexp_parser (2.8.2)
    rexml (3.2.6)
    rubocop (1.57.2)
      json (~> 2.3)
      language_server-protocol (>= 3.17.0)
      parallel (~> 1.10)
      parser (>= 3.2.2.4)
      rainbow (>= 2.2.2, < 4.0)
      regexp_parser (>= 1.8, < 3.0)
      rexml (>= 3.2.5, < 4.0)
      rubocop-ast (>= 1.28.1, < 2.0)
      ruby-progressbar (~> 1.7)
      unicode-display_width (>= 2.4.0, < 3.0)
    rubocop-ast (1.30.0)
      parser (>= 3.2.1.0)
    ruby-progressbar (1.13.0)
    timers (4.3.5)
    unicode-display_width (2.5.0)

PLATFORMS
  x64-mingw-ucrt

DEPENDENCIES
  async (~> 2.6)
  nokogiri (~> 1.15)
  rubocop

RUBY VERSION
   ruby 3.2.2p53

BUNDLED WITH
   2.4.13
